GEM
  remote: https://rubygems.org/
  specs:
    base64 (0.3.0)
    daemons (1.4.1)
    eventmachine (1.2.7)
    faye-websocket (0.12.0)
      eventmachine (>= 0.12.0)
      websocket-driver (>= 0.8.0)
    logger (1.7.0)
    rack (3.2.3)
    thin (2.0.1)
      daemons (~> 1.0, >= 1.0.9)
      eventmachine (~> 1.0, >= 1.0.4)
      logger
      rack (>= 1, < 4)
    wavefile (1.1.2)
    websocket-driver (0.8.0)
      base64
      websocket-extensions (>= 0.1.0)
    websocket-extensions (0.1.5)

PLATFORMS
  arm64-darwin-24
  ruby

DEPENDENCIES
  eventmachine
  faye-websocket
  rack
  thin
  wavefile

BUNDLED WITH
   2.5.18
